GEM
  remote: https://rubygems.org/
  specs:
    daemons (1.1.9)
    encrypted_strings (0.3.3)
    eventmachine (1.0.7)
    rack (1.6.0)
    rack-protection (1.5.3)
      rack
    sinatra (1.4.5)
      rack (~> 1.4)
      rack-protection (~> 1.4)
      tilt (~> 1.3, >= 1.3.4)
    thin (1.6.3)
      daemons (~> 1.0, >= 1.0.9)
      eventmachine (~> 1.0)
      rack (~> 1.0)
    tilt (1.4.1)

PLATFORMS
  ruby

DEPENDENCIES
  encrypted_strings
  sinatra
  thin
